GEM
  remote: https://rubygems.org/
  specs:
    base64 (0.3.0)
    json (2.15.1)
    logger (1.7.0)
    mustermann (3.0.4)
      ruby2_keywords (~> 0.0.1)
    nio4r (2.7.4)
    openssl (3.3.1)
    puma (7.0.4)
      nio4r (~> 2.0)
    rack (3.2.0)
    rack-protection (4.1.1)
      base64 (>= 0.1.0)
      logger (>= 1.6.0)
      rack (>= 3.0.0, < 4)
    rack-session (2.1.1)
      base64 (>= 0.1.0)
      rack (>= 3.0.0)
    rackup (2.2.1)
      rack (>= 3)
    ruby2_keywords (0.0.5)
    rubyzip (2.4.1)
    sinatra (4.1.1)
      logger (>= 1.6.0)
      mustermann (~> 3.0)
      rack (>= 3.0.0, < 4)
      rack-protection (= 4.1.1)
      rack-session (>= 2.0.0, < 3)
      tilt (~> 2.0)
    tilt (2.6.1)

PLATFORMS
  arm64-darwin-24
  ruby

DEPENDENCIES
  base64
  json
  openssl
  puma
  rackup
  rubyzip (~> 2.3)
  sinatra (~> 4.1.0)

RUBY VERSION
   ruby 3.4.6p54

BUNDLED WITH
   2.6.2
